GIT
  remote: https://github.com/sshingler/capistrano-resque.git
  revision: d5bc43bdd31923addcd217c9804db67b74cc6274
  specs:
    capistrano-resque (0.1.0)
      capistrano
      resque
      resque-scheduler

GEM
  remote: https://code.stripe.com/
  remote: https://rubygems.org/
  specs:
    Empact-activerecord-import (0.4.3)
      activerecord (>= 3.0.0)
    actionmailer (4.0.4)
      actionpack (= 4.0.4)
      mail (~> 2.5.4)
    actionpack (4.0.4)
      activesupport (= 4.0.4)
      builder (~> 3.1.0)
      erubis (~> 2.7.0)
      rack (~> 1.5.2)
      rack-test (~> 0.6.2)
    active_paypal_adaptive_payment (0.3.16)
      activemerchant (>= 1.5.1)
      hashie (>= 1.2.0)
      mocha (>= 0.10.0)
      money (>= 3.6.0)
      multi_json (>= 1.0.0)
    active_utils (2.0.2)
      activesupport (>= 2.3.11)
      i18n
    activemerchant (1.42.6)
      active_utils (~> 2.0, >= 2.0.1)
      activesupport (>= 2.3.14, < 5.0.0)
      builder (>= 2.1.2, < 4.0.0)
      i18n (~> 0.5)
      json (~> 1.7)
      money (< 7.0.0)
      nokogiri (~> 1.4)
    activemodel (4.0.4)
      activesupport (= 4.0.4)
      builder (~> 3.1.0)
    activerecord (4.0.4)
      activemodel (= 4.0.4)
      activerecord-deprecated_finders (~> 1.0.2)
      activesupport (= 4.0.4)
      arel (~> 4.0.0)
    activerecord-deprecated_finders (1.0.3)
    activesupport (4.0.4)
      i18n (~> 0.6, >= 0.6.9)
      minitest (~> 4.2)
      multi_json (~> 1.3)
      thread_safe (~> 0.1)
      tzinfo (~> 0.3.37)
    airbrake (3.1.16)
      builder
      multi_json
    amazon_flex_pay (0.10.0)
      activesupport (>= 3.0.14)
      multi_xml (>= 0.5.2)
      rest-client (~> 1.6.1)
    arel (4.0.2)
    atomic (1.1.15)
    bcrypt (3.1.7)
    bcrypt-ruby (3.1.5)
      bcrypt (>= 3.1.3)
    bettertabs (1.4.1)
      jquery-rails
      rails (>= 3.1.0)
    bitpay-client (0.1.2)
      json
      rack
    brakeman (2.4.1)
      erubis (~> 2.6)
      fastercsv (~> 1.5)
      haml (>= 3.0, < 5.0)
      highline (~> 1.6.20)
      multi_json (~> 1.2)
      ruby2ruby (~> 2.0.5)
      ruby_parser (~> 3.4.0)
      sass (~> 3.0)
      slim (>= 1.3.6, < 3.0)
      terminal-table (~> 1.4)
    builder (3.1.4)
    cancan (1.6.10)
    capistrano (3.1.0)
      i18n
      rake (>= 10.0.0)
      sshkit (~> 1.3)
    capistrano-bundler (1.1.2)
      capistrano (~> 3.0)
      sshkit (~> 1.2)
    capistrano-rails (1.1.1)
      capistrano (~> 3.1)
      capistrano-bundler (~> 1.1)
    capistrano-rvm (0.1.1)
      capistrano (~> 3.0)
      sshkit (~> 1.2)
    capybara (2.2.1)
      mime-types (>= 1.16)
      nokogiri (>= 1.3.3)
      rack (>= 1.0.0)
      rack-test (>= 0.5.4)
      xpath (~> 2.0)
    coffee-rails (4.0.1)
      coffee-script (>= 2.2.0)
      railties (>= 4.0.0, < 5.0)
    coffee-script (2.2.0)
      coffee-script-source
      execjs
    coffee-script-source (1.7.0)
    columnize (0.3.6)
    cucumber (1.3.11)
      builder (>= 2.1.2)
      diff-lcs (>= 1.1.3)
      gherkin (~> 2.12)
      multi_json (>= 1.7.5, < 2.0)
      multi_test (>= 0.0.2)
    cucumber-rails (1.4.0)
      capybara (>= 1.1.2)
      cucumber (>= 1.2.0)
      nokogiri (>= 1.5.0)
      rails (>= 3.0.0)
    daemons (1.1.9)
    database_cleaner (1.2.0)
    debugger (1.6.6)
      columnize (>= 0.3.1)
      debugger-linecache (~> 1.2.0)
      debugger-ruby_core_source (~> 1.3.2)
    debugger-linecache (1.2.0)
    debugger-ruby_core_source (1.3.2)
    devise (3.2.3)
      bcrypt-ruby (~> 3.0)
      orm_adapter (~> 0.1)
      railties (>= 3.2.6, < 5)
      thread_safe (~> 0.1)
      warden (~> 1.2.3)
    devise-async (0.9.0)
      devise (~> 3.2)
    devise-encryptable (0.1.2)
      devise (>= 2.1.0)
    diff-lcs (1.2.5)
    erubis (2.7.0)
    eventmachine (1.0.3)
    execjs (2.0.2)
    faraday (0.9.0)
      multipart-post (>= 1.2, < 3)
    fastercsv (1.5.5)
    friendly_id (5.0.3)
      activerecord (>= 4.0.0)
    gherkin (2.12.2)
      multi_json (~> 1.3)
    haml (4.0.5)
      tilt
    hashie (2.0.5)
    highline (1.6.21)
    hike (1.2.3)
    i18n (0.6.9)
    it (0.2.5)
      actionpack (>= 3.0.0)
    jbuilder (2.0.4)
      activesupport (>= 3.0.0)
      multi_json (>= 1.2.0)
    jquery-rails (3.1.0)
      railties (>= 3.0, < 5.0)
      thor (>= 0.14, < 2.0)
    jquery-ui-rails (4.2.0)
      railties (>= 3.2.16)
    json (1.8.1)
    jwt (0.1.11)
      multi_json (>= 1.5)
    libv8 (3.16.14.3)
    mail (2.5.4)
      mime-types (~> 1.16)
      treetop (~> 1.4.8)
    metaclass (0.0.4)
    mime-types (1.25.1)
    mini_portile (0.5.2)
    minitest (4.7.5)
    mocha (1.0.0)
      metaclass (~> 0.0.1)
    monetize (0.1.4)
    money (6.0.1)
      i18n (~> 0.6.4)
      monetize (~> 0.1.3)
    money-rails (0.9.0)
      activesupport (>= 3.0)
      money (~> 6.0.0)
      railties (>= 3.0)
    mono_logger (1.1.0)
    multi_json (1.9.0)
    multi_test (0.0.3)
    multi_xml (0.5.5)
    multipart-post (2.0.0)
    myl-fech (1.0.5)
      fastercsv
      people
    mysql2 (0.3.15)
    net-scp (1.1.2)
      net-ssh (>= 2.6.5)
    net-ssh (2.8.0)
    nokogiri (1.6.1)
      mini_portile (~> 0.5.0)
    oauth (0.4.7)
    oauth2 (0.9.3)
      faraday (>= 0.8, < 0.10)
      jwt (~> 0.1.8)
      multi_json (~> 1.3)
      multi_xml (~> 0.5)
      rack (~> 1.2)
    omniauth (1.2.1)
      hashie (>= 1.2, < 3)
      rack (~> 1.0)
    omniauth-facebook (1.6.0)
      omniauth-oauth2 (~> 1.1)
    omniauth-github (1.1.1)
      omniauth (~> 1.0)
      omniauth-oauth2 (~> 1.1)
    omniauth-google-oauth2 (0.2.2)
      omniauth (~> 1.0)
      omniauth-oauth2
    omniauth-oauth (1.0.1)
      oauth
      omniauth (~> 1.0)
    omniauth-oauth2 (1.1.2)
      faraday (>= 0.8, < 0.10)
      multi_json (~> 1.3)
      oauth2 (~> 0.9.3)
      omniauth (~> 1.2)
    omniauth-openid (1.0.1)
      omniauth (~> 1.0)
      rack-openid (~> 1.3.1)
    omniauth-paypal (1.2.1)
      omniauth-oauth2 (~> 1.1.0)
    omniauth-twitter (1.0.1)
      multi_json (~> 1.3)
      omniauth-oauth (~> 1.0)
    orm_adapter (0.5.0)
    paper_trail (3.0.1)
      activerecord (>= 3.0, < 5.0)
      activesupport (>= 3.0, < 5.0)
    people (0.2.1)
    phone (1.2.3)
    polyglot (0.3.4)
    rack (1.5.2)
    rack-attack (2.3.0)
      rack
    rack-cache (1.2)
      rack (>= 0.4)
    rack-openid (1.3.1)
      rack (>= 1.1.0)
      ruby-openid (>= 2.1.8)
    rack-protection (1.5.2)
      rack
    rack-test (0.6.2)
      rack (>= 1.0)
    rack-tor-tag (0.0.8)
    rails (4.0.4)
      actionmailer (= 4.0.4)
      actionpack (= 4.0.4)
      activerecord (= 4.0.4)
      activesupport (= 4.0.4)
      bundler (>= 1.3.0, < 2.0)
      railties (= 4.0.4)
      sprockets-rails (~> 2.0.0)
    rails_email_validator (0.1.4)
      activemodel (>= 3.0.0)
    railties (4.0.4)
      actionpack (= 4.0.4)
      activesupport (= 4.0.4)
      rake (>= 0.8.7)
      thor (>= 0.18.1, < 2.0)
    rake (10.1.1)
    rdiscount (2.1.7)
    rdoc (4.1.1)
      json (~> 1.4)
    redis (3.0.7)
    redis-actionpack (4.0.0)
      actionpack (~> 4)
      redis-rack (~> 1.5.0)
      redis-store (~> 1.1.0)
    redis-activesupport (4.0.0)
      activesupport (~> 4)
      redis-store (~> 1.1.0)
    redis-namespace (1.4.1)
      redis (~> 3.0.4)
    redis-rack (1.5.0)
      rack (~> 1.5)
      redis-store (~> 1.1.0)
    redis-rails (4.0.0)
      redis-actionpack (~> 4)
      redis-activesupport (~> 4)
      redis-store (~> 1.1.0)
    redis-store (1.1.4)
      redis (>= 2.2)
    ref (1.0.5)
    resque (1.25.2)
      mono_logger (~> 1.0)
      multi_json (~> 1.0)
      redis-namespace (~> 1.3)
      sinatra (>= 0.9.2)
      vegas (~> 0.1.2)
    resque-job-stats (0.3.0)
      resque (~> 1.17)
    resque-retry (1.1.1)
      resque (~> 1.25)
      resque-scheduler (~> 2.5)
    resque-scheduler (2.5.5)
      mono_logger (~> 1.0)
      redis (~> 3.0.4)
      resque (~> 1.25.1)
      rufus-scheduler (~> 2.0.24)
    resque_mailer (2.2.6)
      actionmailer (>= 3.0)
    rest-client (1.6.7)
      mime-types (>= 1.16)
    rolify (3.4.0)
    rspec-collection_matchers (0.0.3)
      rspec-expectations (>= 2.99.0.beta1)
    rspec-core (3.0.0.beta2)
      rspec-support (= 3.0.0.beta2)
    rspec-expectations (3.0.0.beta2)
      diff-lcs (>= 1.2.0, < 2.0)
      rspec-support (= 3.0.0.beta2)
    rspec-mocks (3.0.0.beta2)
      rspec-support (= 3.0.0.beta2)
    rspec-rails (3.0.0.beta2)
      actionpack (>= 3.0)
      activemodel (>= 3.0)
      activesupport (>= 3.0)
      railties (>= 3.0)
      rspec-collection_matchers
      rspec-core (= 3.0.0.beta2)
      rspec-expectations (= 3.0.0.beta2)
      rspec-mocks (= 3.0.0.beta2)
      rspec-support (= 3.0.0.beta2)
    rspec-support (3.0.0.beta2)
    ruby-openid (2.5.0)
    ruby-prof (0.14.2)
    ruby2ruby (2.0.7)
      ruby_parser (~> 3.1)
      sexp_processor (~> 4.0)
    ruby_parser (3.4.1)
      sexp_processor (~> 4.1)
    rufus-scheduler (2.0.24)
      tzinfo (>= 0.3.22)
    sass (3.2.15)
    sass-rails (4.0.2)
      railties (>= 4.0.0, < 5.0)
      sass (~> 3.2.0)
      sprockets (~> 2.8, <= 2.11.0)
      sprockets-rails (~> 2.0.0)
    sdoc (0.4.0)
      json (~> 1.8)
      rdoc (~> 4.0, < 5.0)
    sexp_processor (4.4.2)
    sinatra (1.4.4)
      rack (~> 1.4)
      rack-protection (~> 1.4)
      tilt (~> 1.3, >= 1.3.4)
    slim (2.0.2)
      temple (~> 0.6.6)
      tilt (>= 1.3.3, < 2.1)
    sprockets (2.11.0)
      hike (~> 1.2)
      multi_json (~> 1.0)
      rack (~> 1.0)
      tilt (~> 1.1, != 1.3.0)
    sprockets-rails (2.0.1)
      actionpack (>= 3.0)
      activesupport (>= 3.0)
      sprockets (~> 2.8)
    sshkit (1.3.0)
      net-scp (>= 1.1.2)
      net-ssh
      term-ansicolor
    state_machine (1.2.0)
    strip_attributes (1.5.0)
      activemodel (>= 3.0, < 5.0)
    stripe (1.10.1)
      json (~> 1.8.1)
      mime-types (~> 1.25)
      rest-client (~> 1.4)
    stripe_event (1.1.0)
      activesupport (>= 3.1)
      stripe (~> 1.6)
    temple (0.6.7)
    term-ansicolor (1.3.0)
      tins (~> 1.0)
    terminal-table (1.4.5)
    therubyracer (0.12.1)
      libv8 (~> 3.16.14.0)
      ref
    thin (1.6.2)
      daemons (>= 1.0.9)
      eventmachine (>= 1.0.0)
      rack (>= 1.0.0)
    thor (0.18.1)
    thread_safe (0.2.0)
      atomic (>= 1.1.7, < 2)
    tilt (1.4.1)
    tins (1.0.0)
    treetop (1.4.15)
      polyglot
      polyglot (>= 0.3.1)
    turbolinks (2.2.1)
      coffee-rails
    tzinfo (0.3.39)
    uglifier (2.4.0)
      execjs (>= 0.3.0)
      json (>= 1.8.0)
    vegas (0.1.11)
      rack (>= 1.0.0)
    warden (1.2.3)
      rack (>= 1.0)
    webrat (0.7.3)
      nokogiri (>= 1.2.0)
      rack (>= 1.0)
      rack-test (>= 0.5.3)
    xpath (2.0.0)
      nokogiri (~> 1.3)

PLATFORMS
  ruby

DEPENDENCIES
  Empact-activerecord-import (>= 0.4.1)
  active_paypal_adaptive_payment
  airbrake
  amazon_flex_pay
  bcrypt (>= 3.0.1)
  bettertabs
  bitpay-client
  brakeman
  cancan (>= 1.6.8)
  capistrano (>= 3.0.1)
  capistrano-bundler
  capistrano-rails
  capistrano-resque!
  capistrano-rvm
  coffee-rails (>= 4.0.0)
  cucumber-rails
  database_cleaner
  debugger
  devise (>= 3.1.1)
  devise-async
  devise-encryptable (>= 0.1.1c)
  execjs (>= 1.3.0)
  friendly_id (>= 5.0.0)
  it (>= 0.2.3)
  jbuilder (>= 1.2)
  jquery-rails (>= 2.0.2)
  jquery-ui-rails
  json (>= 1.6.6)
  jwt
  money (>= 5.0.0)
  money-rails
  myl-fech (>= 1.0.2)
  mysql2 (>= 0.3.13)
  omniauth (>= 1.1.0)
  omniauth-facebook (>= 1.2.0)
  omniauth-github (>= 1.0.1)
  omniauth-google-oauth2 (>= 0.1.9)
  omniauth-openid (>= 1.0.1)
  omniauth-paypal (>= 1.2.1)
  omniauth-twitter (>= 0.0.10)
  paper_trail (>= 3.0.0)
  phone
  rack (>= 1.4.1)
  rack-attack
  rack-cache
  rack-tor-tag
  rails (>= 4.0.1)
  rails_email_validator (>= 0.1.4)
  rake (>= 0.9.2.2)
  rdiscount
  redis-rails
  resque
  resque-job-stats
  resque-retry
  resque-scheduler
  resque_mailer
  rolify
  rspec-rails (~> 3.0.0.beta)
  ruby-prof
  sass-rails (>= 4.0.0)
  sdoc
  state_machine
  strip_attributes (>= 1.1.0)
  stripe
  stripe_event
  therubyracer
  thin
  turbolinks
  uglifier (>= 1.3.0)
  webrat (>= 0.7.3)
